GEM
  remote: https://rubygems.org/
  specs:
<<<<<<< HEAD
=======
    ast (2.4.0)
>>>>>>> f283ac5038ede1fcad4cc2453ee61073fbc54e0e
    axiom-types (0.1.1)
      descendants_tracker (~> 0.0.4)
      ice_nine (~> 0.11.0)
      thread_safe (~> 0.3, >= 0.3.1)
    coercible (1.0.0)
      descendants_tracker (~> 0.0.1)
    descendants_tracker (0.0.4)
      thread_safe (~> 0.3, >= 0.3.1)
    dotenv (2.2.1)
    envbash (1.0.1)
    equalizer (0.0.11)
    faraday (0.14.0)
      multipart-post (>= 1.2, < 3)
    ice_nine (0.11.2)
    inflecto (0.0.2)
    json (1.8.6)
    multipart-post (2.0.0)
    mysql2 (0.4.10)
    net-scp (1.2.1)
      net-ssh (>= 2.6.5)
    net-ssh (3.2.0)
    open-weather (0.11.0)
      json
<<<<<<< HEAD
    require_all (1.5.0)
=======
    parallel (1.12.1)
    parser (2.5.1.0)
      ast (~> 2.4.0)
    powerpack (0.1.1)
    rainbow (3.0.0)
    require_all (1.5.0)
    rubocop (0.55.0)
      parallel (~> 1.10)
      parser (>= 2.5)
      powerpack (~> 0.1)
      rainbow (>= 2.2.2, < 4.0)
      ruby-progressbar (~> 1.7)
      unicode-display_width (~> 1.0, >= 1.0.1)
    ruby-progressbar (1.9.0)
>>>>>>> f283ac5038ede1fcad4cc2453ee61073fbc54e0e
    telegram-bot-ruby (0.8.6.1)
      faraday
      inflecto
      virtus
    thread_safe (0.3.6)
<<<<<<< HEAD
=======
    unicode-display_width (1.3.2)
>>>>>>> f283ac5038ede1fcad4cc2453ee61073fbc54e0e
    virtus (1.0.5)
      axiom-types (~> 0.1)
      coercible (~> 1.0)
      descendants_tracker (~> 0.0, >= 0.0.3)
      equalizer (~> 0.0, >= 0.0.9)

PLATFORMS
  ruby

DEPENDENCIES
  dotenv (~> 2.1, >= 2.1.1)
  envbash
  json (~> 1.8)
  mysql2 (~> 0.4.9)
  net-scp (~> 1.2, >= 1.2.1)
  net-ssh (~> 3.2)
  open-weather (~> 0.11.0)
  require_all (~> 1.5)
<<<<<<< HEAD
=======
  rubocop
>>>>>>> f283ac5038ede1fcad4cc2453ee61073fbc54e0e
  telegram-bot-ruby

BUNDLED WITH
   1.16.1
